GEM
  remote: https://rubygems.org/
  specs:
    ffi (1.16.3-x64-mingw-ucrt)
    redcarpet (3.6.0)
    rouge (4.2.0)
    sassc (2.4.0)
      ffi (~> 1.9)
    tomlrb (2.0.3)

PLATFORMS
  x64-mingw-ucrt

DEPENDENCIES
  redcarpet (~> 3.3, >= 3.3.4)
  rouge (~> 4.2)
  sassc (~> 2.4)
  tomlrb (~> 2.0, >= 2.0.3)

BUNDLED WITH
   2.4.10
